GEM
  remote: https://rubygems.org/
  specs:
    actionmailer (3.2.13)
      actionpack (= 3.2.13)
      mail (~> 2.5.3)
    actionpack (3.2.13)
      activemodel (= 3.2.13)
      activesupport (= 3.2.13)
      builder (~> 3.0.0)
      erubis (~> 2.7.0)
      journey (~> 1.0.4)
      rack (~> 1.4.5)
      rack-cache (~> 1.2)
      rack-test (~> 0.6.1)
      sprockets (~> 2.2.1)
    activemodel (3.2.13)
      activesupport (= 3.2.13)
      builder (~> 3.0.0)
    activerecord (3.2.13)
      activemodel (= 3.2.13)
      activesupport (= 3.2.13)
      arel (~> 3.0.2)
      tzinfo (~> 0.3.29)
    activeresource (3.2.13)
      activemodel (= 3.2.13)
      activesupport (= 3.2.13)
    activesupport (3.2.13)
      i18n (= 0.6.1)
      multi_json (~> 1.0)
    addressable (2.3.6)
    arel (3.0.3)
    builder (3.0.4)
    capybara (2.4.4)
      mime-types (>= 1.16)
      nokogiri (>= 1.3.3)
      rack (>= 1.0.0)
      rack-test (>= 0.5.4)
      xpath (~> 2.0)
    celluloid (0.16.0)
      timers (~> 4.0.0)
    coderay (1.1.0)
    coffee-rails (3.2.2)
      coffee-script (>= 2.2.0)
      railties (~> 3.2.0)
    coffee-script (2.3.0)
      coffee-script-source
      execjs
    coffee-script-source (1.8.0)
    columnize (0.8.9)
    cucumber (1.3.17)
      builder (>= 2.1.2)
      diff-lcs (>= 1.1.3)
      gherkin (~> 2.12)
      multi_json (>= 1.7.5, < 2.0)
      multi_test (>= 0.1.1)
    cucumber-rails (1.4.2)
      capybara (>= 1.1.2, < 3)
      cucumber (>= 1.3.8, < 2)
      mime-types (>= 1.16, < 3)
      nokogiri (~> 1.5)
      rails (>= 3, < 5)
    cucumber-rails-training-wheels (1.0.0)
      cucumber-rails (>= 1.1.1)
    database_cleaner (1.3.0)
    debugger (1.6.8)
      columnize (>= 0.3.1)
      debugger-linecache (~> 1.2.0)
      debugger-ruby_core_source (~> 1.3.5)
    debugger-linecache (1.2.0)
    debugger-ruby_core_source (1.3.7)
    diff-lcs (1.2.5)
    erubis (2.7.0)
    execjs (2.2.2)
    factory_girl (4.5.0)
      activesupport (>= 3.0.0)
    factory_girl_rails (4.5.0)
      factory_girl (~> 4.5.0)
      railties (>= 3.0.0)
    ffi (1.9.6)
    formatador (0.2.5)
    gherkin (2.12.2)
      multi_json (~> 1.3)
    guard (2.8.2)
      formatador (>= 0.2.4)
      listen (~> 2.7)
      lumberjack (~> 1.0)
      pry (>= 0.9.12)
      thor (>= 0.18.1)
    guard-rspec (4.3.1)
      guard (~> 2.1)
      rspec (>= 2.14, < 4.0)
    hike (1.2.3)
    hitimes (1.2.2)
    i18n (0.6.1)
    journey (1.0.4)
    jquery-rails (3.1.2)
      railties (>= 3.0, < 5.0)
      thor (>= 0.14, < 2.0)
    json (1.8.1)
    launchy (2.4.3)
      addressable (~> 2.3)
    listen (2.8.0)
      celluloid (>= 0.15.2)
      rb-fsevent (>= 0.9.3)
      rb-inotify (>= 0.9)
    lumberjack (1.0.9)
    mail (2.5.4)
      mime-types (~> 1.16)
      treetop (~> 1.4.8)
    metaclass (0.0.4)
    method_source (0.8.2)
    mime-types (1.25.1)
    mini_portile (0.6.1)
    mocha (1.1.0)
      metaclass (~> 0.0.1)
    multi_json (1.10.1)
    multi_test (0.1.1)
    nokogiri (1.6.4.1)
      mini_portile (~> 0.6.0)
    polyglot (0.3.5)
    pry (0.10.1)
      coderay (~> 1.1.0)
      method_source (~> 0.8.1)
      slop (~> 3.4)
    rack (1.4.5)
    rack-cache (1.2)
      rack (>= 0.4)
    rack-ssl (1.3.4)
      rack
    rack-test (0.6.2)
      rack (>= 1.0)
    rails (3.2.13)
      actionmailer (= 3.2.13)
      actionpack (= 3.2.13)
      activerecord (= 3.2.13)
      activeresource (= 3.2.13)
      activesupport (= 3.2.13)
      bundler (~> 1.0)
      railties (= 3.2.13)
    railties (3.2.13)
      actionpack (= 3.2.13)
      activesupport (= 3.2.13)
      rack-ssl (~> 1.3.2)
      rake (>= 0.8.7)
      rdoc (~> 3.4)
      thor (>= 0.14.6, < 2.0)
    rake (10.4.1)
    rb-fsevent (0.9.4)
    rb-inotify (0.9.5)
      ffi (>= 0.5.0)
    rdoc (3.12.2)
      json (~> 1.4)
    rspec (3.1.0)
      rspec-core (~> 3.1.0)
      rspec-expectations (~> 3.1.0)
      rspec-mocks (~> 3.1.0)
    rspec-core (3.1.7)
      rspec-support (~> 3.1.0)
    rspec-expectations (3.1.2)
      diff-lcs (>= 1.2.0, < 2.0)
      rspec-support (~> 3.1.0)
    rspec-mocks (3.1.3)
      rspec-support (~> 3.1.0)
    rspec-rails (3.1.0)
      actionpack (>= 3.0)
      activesupport (>= 3.0)
      railties (>= 3.0)
      rspec-core (~> 3.1.0)
      rspec-expectations (~> 3.1.0)
      rspec-mocks (~> 3.1.0)
      rspec-support (~> 3.1.0)
    rspec-support (3.1.2)
    sass (3.4.9)
    sass-rails (3.2.6)
      railties (~> 3.2.0)
      sass (>= 3.1.10)
      tilt (~> 1.3)
    slop (3.6.0)
    sprockets (2.2.3)
      hike (~> 1.2)
      multi_json (~> 1.0)
      rack (~> 1.0)
      tilt (~> 1.1, != 1.3.0)
    sqlite3 (1.3.10)
    thor (0.19.1)
    tilt (1.4.1)
    timers (4.0.1)
      hitimes
    treetop (1.4.15)
      polyglot
      polyglot (>= 0.3.1)
    tzinfo (0.3.42)
    uglifier (2.5.3)
      execjs (>= 0.3.0)
      json (>= 1.8.0)
    xpath (2.0.0)
      nokogiri (~> 1.3)

PLATFORMS
  ruby

DEPENDENCIES
  capybara
  coffee-rails (~> 3.2.1)
  cucumber-rails
  cucumber-rails-training-wheels
  database_cleaner
  debugger
  factory_girl_rails
  guard
  guard-rspec
  jquery-rails
  launchy
  mocha
  rails (= 3.2.13)
  rspec-rails
  sass-rails (~> 3.2.3)
  sqlite3
  uglifier (>= 1.0.3)
